GIT
  remote: git://github.com/gma/nesta.git
  revision: a3d8d67f1d61dc0de2a7a9df831316b32cff1d6d
  specs:
    nesta (0.10.0)
      RedCloth (~> 4.2)
      haml (>= 3.1)
      haml-contrib (>= 1.0)
      rack (>= 1.3)
      rdiscount (~> 2.1)
      sass (>= 3.1)
      sinatra (~> 1.4)

GIT
  remote: https://github.com/benprew/pony.git
  revision: eeaad3940d2bb6a732be3a63b25b3afe5ee175d9
  specs:
    pony (1.11)
      mail (>= 2.0)

GEM
  remote: http://rubygems.org/
  specs:
    RedCloth (4.2.9)
    chunky_png (1.3.4)
    compass (1.0.3)
      chunky_png (~> 1.2)
      compass-core (~> 1.0.2)
      compass-import-once (~> 1.0.5)
      rb-fsevent (>= 0.9.3)
      rb-inotify (>= 0.9)
      sass (>= 3.3.13, < 3.5)
    compass-core (1.0.3)
      multi_json (~> 1.0)
      sass (>= 3.3.0, < 3.5)
    compass-import-once (1.0.5)
      sass (>= 3.2, < 3.5)
    ffi (1.9.6)
    haml (4.1.0.beta.1)
      tilt
    haml-contrib (1.0.0.1)
      haml (>= 3.2.0.alpha.13)
    mail (2.6.3)
      mime-types (>= 1.16, < 3)
    mime-types (2.4.3)
    mini_portile (0.6.2)
    multi_json (1.10.1)
    nokogiri (1.6.6.2)
      mini_portile (~> 0.6.0)
    plist (3.1.0)
    rack (1.6.0)
    rack-codehighlighter (0.5.0)
      nokogiri (>= 1.4.1)
      rack (>= 1.0.0)
    rack-protection (1.5.3)
      rack
    rb-fsevent (0.9.4)
    rb-inotify (0.9.5)
      ffi (>= 0.5.0)
    rdiscount (2.1.8)
    sass (3.4.12)
    sinatra (1.4.5)
      rack (~> 1.4)
      rack-protection (~> 1.4)
      tilt (~> 1.3, >= 1.3.4)
    susy (2.2.2)
      sass (>= 3.3.0, < 3.5)
    textpow (1.4.0)
      plist (>= 3.0.1)
    tilt (1.4.1)
    ultraviolet (1.0.1)
      textpow (>= 1.3.0)

PLATFORMS
  ruby

DEPENDENCIES
  compass
  nesta!
  pony!
  rack-codehighlighter
  susy
  ultraviolet
